GEM
  remote: https://rubygems.org/
  specs:
    concurrent-ruby (1.1.7)
    hamster (3.0.0)
      concurrent-ruby (~> 1.0)
    io-console (0.5.6)
    readline (0.0.2)
      reline
    reline (0.1.4)
      io-console (~> 0.5)

PLATFORMS
  ruby

DEPENDENCIES
  hamster!
  readline!

BUNDLED WITH
   2.1.4
